PATH
  remote: .
  specs:
    google_calendar (0.6.4)
      TimezoneParser (>= 0.3, < 1.1)
      json (>= 1.8.3)
      signet (~> 0.7)

GEM
  remote: https://rubygems.org/
  specs:
    TimezoneParser (1.0.0)
      insensitive_hash
      sqlite3
      tzinfo
    addressable (2.5.2)
      public_suffix (>= 2.0.2, < 4.0)
    ansi (1.5.0)
    builder (3.2.3)
    codeclimate-test-reporter (1.0.9)
      simplecov (<= 0.13)
    concurrent-ruby (1.1.4)
    docile (1.1.5)
    dotenv (2.7.1)
    faraday (0.15.4)
      multipart-post (>= 1.2, < 3)
    insensitive_hash (0.3.3)
    json (2.2.0)
    jwt (2.1.0)
    metaclass (0.0.4)
    minitest (5.11.3)
    minitest-reporters (1.3.6)
      ansi
      builder
      minitest (>= 5.0)
      ruby-progressbar
    mocha (1.8.0)
      metaclass (~> 0.0.1)
    multi_json (1.13.1)
    multipart-post (2.0.0)
    public_suffix (3.0.3)
    rake (13.0.0)
    rb-fsevent (0.10.3)
    rdoc (6.1.1)
    ruby-progressbar (1.10.0)
    shoulda-context (1.2.2)
    signet (0.11.0)
      addressable (~> 2.3)
      faraday (~> 0.9)
      jwt (>= 1.5, < 3.0)
      multi_json (~> 1.10)
    simplecov (0.13.0)
      docile (~> 1.1.0)
      json (>= 1.8, < 3)
      simplecov-html (~> 0.10.0)
    simplecov-html (0.10.2)
    sqlite3 (1.3.13)
    terminal-notifier-guard (1.7.0)
    tzinfo (2.0.0)
      concurrent-ruby (~> 1.0)

PLATFORMS
  ruby

DEPENDENCIES
  bundler (>= 1.2)
  codeclimate-test-reporter
  dotenv (~> 2.1)
  google_calendar!
  minitest (~> 5.1)
  minitest-reporters (~> 1.2)
  mocha (~> 1.4)
  rake (>= 11)
  rb-fsevent (~> 0.9)
  rdoc (>= 4.1)
  shoulda-context (~> 1.2)
  terminal-notifier-guard (~> 1.6)

BUNDLED WITH
   1.16.1
